GEM
  remote: http://rubygems.org/
  specs:
    OSer (0.1.0)
      Perfecter
      net-scp
      net-ssh
      term-ansicolor
    Perfecter (0.2.2)
    builder (3.0.0)
    daemons (1.1.4)
    eventmachine (0.12.10)
    geminabox (0.3.2)
      builder
      sinatra
    net-scp (1.0.4)
      net-ssh (>= 1.99.1)
    net-ssh (2.2.1)
    rack (1.3.4)
    rack-protection (1.1.4)
      rack
    sinatra (1.3.1)
      rack (>= 1.3.4, ~> 1.3)
      rack-protection (>= 1.1.2, ~> 1.1)
      tilt (>= 1.3.3, ~> 1.3)
    term-ansicolor (1.0.6)
    thin (1.2.11)
      daemons (>= 1.0.9)
      eventmachine (>= 0.12.6)
      rack (>= 1.0.0)
    tilt (1.3.3)

PLATFORMS
  ruby

DEPENDENCIES
  OSer
  geminabox
  thin
