GEM
  remote: http://rubygems.org/
  specs:
    OSer (0.1.0)
      Perfecter
      net-scp
      net-ssh
      term-ansicolor
    Perfecter (0.2.2)
    net-scp (1.0.4)
      net-ssh (>= 1.99.1)
    net-ssh (2.2.1)
    term-ansicolor (1.0.6)

PLATFORMS
  ruby

DEPENDENCIES
  OSer
