GEM
  remote: http://rubygems.org/
  specs:
    Gemfy (0.2.0)

PLATFORMS
  ruby

DEPENDENCIES
  Gemfy
