GEM
  remote: http://rubygems.org/
  specs:
    Gemfy (0.1.2)

PLATFORMS
  ruby

DEPENDENCIES
  Gemfy
